GEM
  remote: https://rubygems.org/
  specs:
    icalendar (2.3.0)
    pdf-core (0.4.0)
    prawn (1.3.0)
      pdf-core (~> 0.4.0)
      ttfunk (~> 1.4.0)
    ttfunk (1.4.0)

PLATFORMS
  ruby

DEPENDENCIES
  icalendar
  prawn
